PATH
  remote: .
  specs:
    rbnotes (0.4.13)
      textrepo (~> 0.5.8)
      unicode-display_width (~> 1.7)

GEM
  remote: https://rubygems.org/
  specs:
    minitest (5.14.4)
    rake (13.0.3)
    textrepo (0.5.8)
    unicode-display_width (1.7.0)

PLATFORMS
  ruby

DEPENDENCIES
  minitest (~> 5.0)
  rake (~> 13.0)
  rbnotes!
  textrepo (~> 0.5.8)

BUNDLED WITH
   2.2.3
