PATH
  remote: .
  specs:
    rbnotes (0.4.0)
      textrepo (~> 0.5)
      unicode-display_width (~> 1.7)

GEM
  remote: https://rubygems.org/
  specs:
    minitest (5.14.2)
    rake (13.0.1)
    textrepo (0.5.3)
    unicode-display_width (1.7.0)

PLATFORMS
  ruby

DEPENDENCIES
  minitest (~> 5.0)
  rake (~> 13.0)
  rbnotes!
  textrepo (~> 0.5)

BUNDLED WITH
   2.1.4
